PATH
  remote: .
  specs:
    flay_haml (0.0.1)
      flay
      haml

GEM
  remote: http://rubygems.org/
  specs:
    flay (2.2.0)
      ruby_parser (~> 3.0)
      sexp_processor (~> 4.0)
    haml (4.0.2)
      tilt
    ruby_parser (3.1.3)
      sexp_processor (~> 4.1)
    sexp_processor (4.2.1)
    tilt (1.4.0)

PLATFORMS
  ruby

DEPENDENCIES
  flay_haml!
